GEM
  remote: https://rubygems.org/
  specs:
    erubis (2.7.0)
    ethon (0.8.0)
      ffi (>= 1.3.0)
    ffi (1.9.10)
    multi_json (1.11.2)
    oj (2.14.3)
    rack (1.6.4)
    rack-router (0.6.0)
    rack_csrf (2.5.0)
      rack (>= 1.1.0)
    typhoeus (0.8.0)
      ethon (>= 0.8.0)

PLATFORMS
  ruby

DEPENDENCIES
  erubis (~> 2.7)
  multi_json (~> 1.11)
  oj (~> 2.14)
  rack (~> 1.6)
  rack-router (= 0.6.0)
  rack_csrf (~> 2.5)
  typhoeus (= 0.8.0)

BUNDLED WITH
   1.11.2
